GEM
  remote: https://rubygems.org/
  specs:
    anemone (0.7.2)
    childprocess (0.3.9)
      ffi (~> 1.0, >= 1.0.11)
    coderay (1.0.9)
    diff-lcs (1.2.4)
    ffi (1.9.3)
    given_core (3.1.0)
      sorcerer (>= 0.3.7)
    image_size (1.1.3)
    method_source (0.8.2)
    mini_portile (0.5.2)
    multi_json (1.8.2)
    nokogiri (1.6.0)
      mini_portile (~> 0.5.0)
    pry (0.9.12.2)
      coderay (~> 1.0.5)
      method_source (~> 0.8)
      slop (~> 3.4)
    rake (10.1.0)
    robotex (1.0.0)
    rspec (2.14.1)
      rspec-core (~> 2.14.0)
      rspec-expectations (~> 2.14.0)
      rspec-mocks (~> 2.14.0)
    rspec-core (2.14.4)
    rspec-expectations (2.14.1)
      diff-lcs (>= 1.1.3, < 2.0)
    rspec-given (3.1.0)
      given_core (= 3.1.0)
      rspec (>= 2.12)
    rspec-mocks (2.14.3)
    rubyzip (1.0.0)
    selenium-webdriver (2.37.0)
      childprocess (>= 0.2.5)
      multi_json (~> 1.0)
      rubyzip (~> 1.0.0)
      websocket (~> 1.0.4)
    slop (3.4.6)
    sorcerer (1.0.2)
    websocket (1.0.7)

PLATFORMS
  ruby

DEPENDENCIES
  anemone
  image_size
  nokogiri
  pry
  rake
  robotex
  rspec-given
  selenium-webdriver
